GEM
  remote: https://rubygems.org/
  specs:
    jgrep (1.3.3)
      json
    json (1.8.3)

PLATFORMS
  ruby

DEPENDENCIES
  jgrep

BUNDLED WITH
   1.10.6
